GEM
  remote: https://rubygems.org/
  specs:
    haml (4.0.7)
      tilt
    rack (1.6.4)
    rack-protection (1.5.3)
      rack
    rpi_gpio (0.3.0)
    sinatra (1.4.7)
      rack (~> 1.5)
      rack-protection (~> 1.4)
      tilt (>= 1.3, < 3)
    tilt (2.0.5)

PLATFORMS
  ruby

DEPENDENCIES
  haml
  rpi_gpio
  sinatra

BUNDLED WITH
   1.12.5
